PATH
  remote: .
  specs:
    tddium (1.15.2)
      highline
      json
      launchy
      msgpack (= 0.5.6)
      tddium_client (~> 0.4.2)
      thor

GEM
  remote: http://rubygems.org/
  specs:
    addressable (2.3.5)
    antilles (0.1.4)
      bundler
      daemons
      httparty
      json
      mimic
    aruba (0.4.6)
      bcat (>= 0.6.1)
      childprocess (>= 0.2.0)
      cucumber (>= 1.0.2)
      rdiscount (>= 1.6.8)
      rspec (>= 2.6.0)
    bcat (0.6.2)
      rack (~> 1.0)
    builder (3.1.3)
    childprocess (0.3.5)
      ffi (~> 1.0, >= 1.0.6)
    cucumber (1.2.1)
      builder (>= 2.1.2)
      diff-lcs (>= 1.1.3)
      gherkin (~> 2.11.0)
      json (>= 1.4.6)
    daemons (1.1.9)
    diff-lcs (1.1.3)
    fakefs (0.4.2)
    ffi (1.1.5)
    gherkin (2.11.2)
      json (>= 1.4.6)
    highline (1.6.19)
    httparty (0.9.0)
      multi_json (~> 1.0)
      multi_xml
    httpclient (2.3.4.1)
    json (1.8.0)
    launchy (2.3.0)
      addressable (~> 2.3)
    mimic (0.4.3)
      json
      plist
      rack
      sinatra
    msgpack (0.5.6)
    multi_json (1.3.6)
    multi_xml (0.5.1)
    pickle (0.4.11)
      cucumber (>= 0.8)
      rake
    plist (3.1.0)
    rack (1.4.1)
    rack-protection (1.2.0)
      rack
    rake (0.9.2.2)
    rdiscount (1.6.8)
    rspec (2.11.0)
      rspec-core (~> 2.11.0)
      rspec-expectations (~> 2.11.0)
      rspec-mocks (~> 2.11.0)
    rspec-core (2.11.1)
    rspec-expectations (2.11.3)
      diff-lcs (~> 1.1.3)
    rspec-mocks (2.11.2)
    simplecov (0.6.4)
      multi_json (~> 1.0)
      simplecov-html (~> 0.5.3)
    simplecov-html (0.5.3)
    sinatra (1.3.3)
      rack (~> 1.3, >= 1.3.6)
      rack-protection (~> 1.2)
      tilt (~> 1.3, >= 1.3.3)
    tddium_client (0.4.3)
      httpclient (>= 2.2.5)
      json
    thor (0.18.1)
    tilt (1.3.3)

PLATFORMS
  ruby

DEPENDENCIES
  antilles
  aruba (= 0.4.6)
  cucumber
  daemons
  fakefs
  httparty
  mimic
  pickle
  rake
  rspec
  simplecov
  tddium!
