PATH
  remote: .
  specs:
    tddium (1.19.0)
      github_api
      highline
      json
      launchy
      nayutaya-msgpack-pure (~> 0.0.2)
      tddium_client (~> 0.4.2)
      thor

GEM
  remote: http://rubygems.org/
  specs:
    addressable (2.3.6)
    antilles (0.1.4)
      bundler
      daemons
      httparty
      json
      mimic
    aruba (0.4.6)
      bcat (>= 0.6.1)
      childprocess (>= 0.2.0)
      cucumber (>= 1.0.2)
      rdiscount (>= 1.6.8)
      rspec (>= 2.6.0)
    bcat (0.6.2)
      rack (~> 1.0)
    builder (3.2.2)
    childprocess (0.5.2)
      ffi (~> 1.0, >= 1.0.11)
    cucumber (1.3.14)
      builder (>= 2.1.2)
      diff-lcs (>= 1.1.3)
      gherkin (~> 2.12)
      multi_json (>= 1.7.5, < 2.0)
      multi_test (>= 0.1.1)
    daemons (1.1.9)
    descendants_tracker (0.0.4)
      thread_safe (~> 0.3, >= 0.3.1)
    diff-lcs (1.2.5)
    docile (1.1.3)
    fakefs (0.5.2)
    faraday (0.9.0)
      multipart-post (>= 1.2, < 3)
    ffi (1.9.3)
    gherkin (2.12.2)
      multi_json (~> 1.3)
    github_api (0.11.3)
      addressable (~> 2.3)
      descendants_tracker (~> 0.0.1)
      faraday (~> 0.8, < 0.10)
      hashie (>= 1.2)
      multi_json (>= 1.7.5, < 2.0)
      nokogiri (~> 1.6.0)
      oauth2
    hashie (2.1.1)
    highline (1.6.21)
    httparty (0.9.0)
      multi_json (~> 1.0)
      multi_xml
    httpclient (2.3.4.1)
    json (1.8.1)
    jwt (0.1.11)
      multi_json (>= 1.5)
    launchy (2.4.2)
      addressable (~> 2.3)
    mimic (0.4.3)
      json
      plist
      rack
      sinatra
    mini_portile (0.5.3)
    multi_json (1.9.2)
    multi_test (0.1.1)
    multi_xml (0.5.5)
    multipart-post (2.0.0)
    nayutaya-msgpack-pure (0.0.2)
    nokogiri (1.6.1)
      mini_portile (~> 0.5.0)
    oauth2 (0.9.3)
      faraday (>= 0.8, < 0.10)
      jwt (~> 0.1.8)
      multi_json (~> 1.3)
      multi_xml (~> 0.5)
      rack (~> 1.2)
    pickle (0.4.11)
      cucumber (>= 0.8)
      rake
    plist (3.1.0)
    rack (1.5.2)
    rack-protection (1.5.2)
      rack
    rake (10.2.2)
    rdiscount (1.6.8)
    rspec (2.14.1)
      rspec-core (~> 2.14.0)
      rspec-expectations (~> 2.14.0)
      rspec-mocks (~> 2.14.0)
    rspec-core (2.14.8)
    rspec-expectations (2.14.5)
      diff-lcs (>= 1.1.3, < 2.0)
    rspec-mocks (2.14.6)
    simplecov (0.8.2)
      docile (~> 1.1.0)
      multi_json
      simplecov-html (~> 0.8.0)
    simplecov-html (0.8.0)
    sinatra (1.4.4)
      rack (~> 1.4)
      rack-protection (~> 1.4)
      tilt (~> 1.3, >= 1.3.4)
    tddium_client (0.4.3)
      httpclient (>= 2.2.5)
      json
    thor (0.19.1)
    thread_safe (0.3.3)
    tilt (1.4.1)

PLATFORMS
  ruby

DEPENDENCIES
  antilles
  aruba (= 0.4.6)
  cucumber
  daemons
  fakefs
  httparty (= 0.9.0)
  mimic
  pickle
  rake
  rdiscount (= 1.6.8)
  rspec
  simplecov
  tddium!
